GEM
  remote: http://rubygems.org/
  specs:
    activesupport (3.1.1)
      multi_json (~> 1.0)
    addressable (2.2.7)
    ast (2.4.2)
    crack (0.4.5)
      rexml
    diff-lcs (1.5.0)
    git (1.2.5)
    httparty (0.21.0)
      mini_mime (>= 1.0.0)
      multi_xml (>= 0.5.2)
    i18n (0.6.0)
    jeweler (1.6.2)
      bundler (~> 1.0)
      git (>= 1.2.5)
      rake
    mini_mime (1.1.2)
    multi_json (1.0.4)
    multi_xml (0.6.0)
    parallel (1.23.0)
    parser (3.2.2.0)
      ast (~> 2.4.1)
    rainbow (3.1.1)
    rake (0.9.2)
    regexp_parser (2.8.0)
    rexml (3.2.5)
    rspec (3.12.0)
      rspec-core (~> 3.12.0)
      rspec-expectations (~> 3.12.0)
      rspec-mocks (~> 3.12.0)
    rspec-core (3.12.2)
      rspec-support (~> 3.12.0)
    rspec-expectations (3.12.2)
      diff-lcs (>= 1.2.0, < 2.0)
      rspec-support (~> 3.12.0)
    rspec-mocks (3.12.5)
      diff-lcs (>= 1.2.0, < 2.0)
      rspec-support (~> 3.12.0)
    rspec-support (3.12.0)
    rubocop (1.28.2)
      parallel (~> 1.10)
      parser (>= 3.1.0.0)
      rainbow (>= 2.2.2, < 4.0)
      regexp_parser (>= 1.8, < 3.0)
      rexml
      rubocop-ast (>= 1.17.0, < 2.0)
      ruby-progressbar (~> 1.7)
      unicode-display_width (>= 1.4.0, < 3.0)
    rubocop-ast (1.17.0)
      parser (>= 3.1.1.0)
    ruby-progressbar (1.13.0)
    unicode-display_width (2.4.2)
    webmock (1.8.0)
      addressable (>= 2.2.7)
      crack (>= 0.1.7)

PLATFORMS
  ruby

DEPENDENCIES
  activesupport
  bundler
  httparty
  i18n
  jeweler (>= 1.6.2)
  rspec
  rubocop
  webmock

BUNDLED WITH
   1.17.3
